GEM
  remote: https://rubygems.org/
  specs:
    faraday (0.9.2)
      multipart-post (>= 1.2, < 3)
    multipart-post (2.0.0)
    zipruby (0.3.6)

PLATFORMS
  ruby

DEPENDENCIES
  faraday
  zipruby

BUNDLED WITH
   1.11.2
